GEM
  remote: https://rubygems.org/
  specs:
    rack (2.2.3)
    roda (3.37.0)
      rack
    tiny_tds (2.1.3-x64-mingw32)

PLATFORMS
  x64-mingw32

DEPENDENCIES
  bundler
  roda
  tiny_tds

BUNDLED WITH
   2.1.4
